GEM
  specs:
    colorize (0.8.1)
    sqlite3 (1.4.0)
    thor (0.20.3)

PLATFORMS
  ruby

DEPENDENCIES
  colorize
  sqlite3
  thor

BUNDLED WITH
   1.16.1
