GEM
  remote: https://rubygems.org/
  specs:
    colorize (0.8.1)
    sequel (5.21.0)
    thor (0.20.3)

PLATFORMS
  ruby

DEPENDENCIES
  colorize
  sequel
  thor

BUNDLED WITH
   1.16.1
